GIT
  remote: git://github.com/meinside/meinside-ruby.git
  revision: 06911dcc4630a693d699335ffddf77beb63863c7
  specs:
    meinside-ruby (0.0.1)
      aws-sdk (~> 1.0)
      coderay (~> 1.0)
      dropbox-sdk (~> 1.0)
      i2c (~> 0.0)
      mime (~> 0.0)
      mimemagic (~> 0.0)
      mysql (~> 2.0)
      net-scp (~> 1.0)
      net-sftp (~> 2.0)
      net-ssh (~> 2.0)
      ruby-gmail (~> 0.0)
      ruby-hmac (~> 0.0)
      spreadsheet (~> 0.0)
      sqlite3 (~> 1.0)
      thor (~> 0.0)
      wiringpi (~> 1.0)
      write_xlsx (~> 0.0)

GEM
  remote: http://rubygems.org/
  specs:
    activemodel (3.2.17)
      activesupport (= 3.2.17)
      builder (~> 3.0.0)
    activesupport (3.2.17)
      i18n (~> 0.6, >= 0.6.4)
      multi_json (~> 1.0)
    addressable (2.3.5)
    aws-sdk (1.34.1)
      json (~> 1.4)
      nokogiri (>= 1.4.4)
      uuidtools (~> 2.1)
    builder (3.0.4)
    childprocess (0.5.1)
      ffi (~> 1.0, >= 1.0.11)
    coderay (1.1.0)
    diff-lcs (1.2.5)
    dropbox-sdk (1.6.3)
      json
    ffi (1.9.3)
    i18n (0.6.9)
    i2c (0.2.22)
    json (1.8.1)
    mail (2.2.7)
      activesupport (>= 2.3.6)
      mime-types
      treetop (>= 1.4.5)
    mime (0.2.0)
    mime-types (2.1)
    mimemagic (0.2.1)
    mini_portile (0.5.2)
    multi_json (1.8.4)
    mysql (2.9.1)
    net-scp (1.1.2)
      net-ssh (>= 2.6.5)
    net-sftp (2.1.2)
      net-ssh (>= 2.6.5)
    net-ssh (2.8.0)
    nokogiri (1.6.1)
      mini_portile (~> 0.5.0)
    oauth (0.4.7)
    polyglot (0.3.4)
    rest-client (1.6.7)
      mime-types (>= 1.16)
    rspec (2.14.1)
      rspec-core (~> 2.14.0)
      rspec-expectations (~> 2.14.0)
      rspec-mocks (~> 2.14.0)
    rspec-core (2.14.7)
    rspec-expectations (2.14.5)
      diff-lcs (>= 1.1.3, < 2.0)
    rspec-mocks (2.14.6)
    rtmux (0.0.3)
      thor (~> 0)
    ruby-gmail (0.3.0)
      mail (>= 2.2.1)
      mime (>= 0.1)
      shared-mime-info
    ruby-hmac (0.4.0)
    ruby-ole (1.2.11.7)
    ruby-trello (1.1.0)
      activemodel (~> 3.2.0)
      addressable (~> 2.3)
      json
      oauth (~> 0.4.5)
      rest-client (~> 1.6.7)
    rubyzip (1.1.0)
    selenium-webdriver (2.40.0)
      childprocess (>= 0.5.0)
      multi_json (~> 1.0)
      rubyzip (~> 1.0)
      websocket (~> 1.0.4)
    shared-mime-info (0.2.5)
    spreadsheet (0.9.7)
      ruby-ole (>= 1.0)
    sqlite3 (1.3.8)
    thor (0.18.1)
    treetop (1.4.15)
      polyglot
      polyglot (>= 0.3.1)
    uuidtools (2.1.4)
    watir-webdriver (0.6.8)
      selenium-webdriver (>= 2.18.0)
    websocket (1.0.7)
    wirble (0.1.3)
    wiringpi (1.1.0)
    write_xlsx (0.76.0)

PLATFORMS
  ruby

DEPENDENCIES
  meinside-ruby!
  rspec
  rtmux
  ruby-trello
  watir-webdriver
  wirble
